PATH
  remote: .
  specs:
    dpd (0.4.1)
      httpclient
      rack
      savon

GEM
  remote: https://rubygems.org/
  specs:
    addressable (2.8.7)
      public_suffix (>= 2.0.2, < 7.0)
    akami (1.3.3)
      base64
      gyoku (>= 0.4.0)
      nokogiri
    base64 (0.2.0)
    bigdecimal (3.1.9)
    builder (3.3.0)
    coderay (1.1.3)
    crack (1.0.0)
      bigdecimal
      rexml
    date (3.4.1)
    diff-lcs (1.6.2)
    dotenv (3.1.8)
    faraday (2.13.1)
      faraday-net_http (>= 2.0, < 3.5)
      json
      logger
    faraday-net_http (3.4.0)
      net-http (>= 0.5.0)
    gyoku (1.4.0)
      builder (>= 2.1.2)
      rexml (~> 3.0)
    hashdiff (1.1.2)
    httpclient (2.9.0)
      mutex_m
    httpi (4.0.4)
      base64
      mutex_m
      nkf
      rack (>= 2.0, < 4)
    json (2.12.0)
    logger (1.7.0)
    mail (2.8.1)
      mini_mime (>= 0.1.1)
      net-imap
      net-pop
      net-smtp
    method_source (1.1.0)
    mini_mime (1.1.5)
    mini_portile2 (2.8.8)
    mutex_m (0.3.0)
    net-http (0.6.0)
      uri
    net-imap (0.5.8)
      date
      net-protocol
    net-pop (0.1.2)
      net-protocol
    net-protocol (0.2.2)
      timeout
    net-smtp (0.5.1)
      net-protocol
    nkf (0.2.0)
    nokogiri (1.18.8)
      mini_portile2 (~> 2.8.2)
      racc (~> 1.4)
    nori (2.7.1)
      bigdecimal
    pry (0.15.2)
      coderay (~> 1.1)
      method_source (~> 1.0)
    public_suffix (6.0.2)
    racc (1.8.1)
    rack (3.1.14)
    rake (13.2.1)
    rexml (3.4.1)
    rspec (3.13.0)
      rspec-core (~> 3.13.0)
      rspec-expectations (~> 3.13.0)
      rspec-mocks (~> 3.13.0)
    rspec-core (3.13.3)
      rspec-support (~> 3.13.0)
    rspec-expectations (3.13.4)
      diff-lcs (>= 1.2.0, < 2.0)
      rspec-support (~> 3.13.0)
    rspec-mocks (3.13.4)
      diff-lcs (>= 1.2.0, < 2.0)
      rspec-support (~> 3.13.0)
    rspec-support (3.13.3)
    savon (2.15.1)
      akami (~> 1.2)
      builder (>= 2.1.2)
      gyoku (~> 1.2)
      httpi (>= 4, < 5)
      mail (~> 2.5)
      nokogiri (>= 1.8.1)
      nori (~> 2.4)
      wasabi (>= 3.7, < 6)
    timeout (0.4.3)
    uri (1.0.3)
    vcr (6.3.1)
      base64
    wasabi (5.1.0)
      addressable
      faraday (>= 1.9, < 3)
      nokogiri (>= 1.13.9)
    webmock (3.25.1)
      addressable (>= 2.8.0)
      crack (>= 0.3.2)
      hashdiff (>= 0.4.0, < 2.0.0)

PLATFORMS
  ruby

DEPENDENCIES
  bundler
  dotenv
  dpd!
  pry
  rake
  rspec
  vcr
  webmock

BUNDLED WITH
   2.1.4
